GEM
  remote: http://rubygems.org/
  specs:
    diff-lcs (1.1.3)
    httparty (0.8.0)
      multi_json
      multi_xml
    multi_json (1.0.3)
    multi_xml (0.4.1)
    rake (12.3.3)
    rspec (2.7.0)
      rspec-core (~> 2.7.0)
      rspec-expectations (~> 2.7.0)
      rspec-mocks (~> 2.7.0)
    rspec-core (2.7.1)
    rspec-expectations (2.7.0)
      diff-lcs (~> 1.1.2)
    rspec-mocks (2.7.0)

PLATFORMS
  ruby

DEPENDENCIES
  httparty
  rake
  rspec (~> 2.7.0)
